GEM
  remote: http://rubygems.org/
  specs:
    aws-sdk (1.7.1)
      httparty (~> 0.7)
      json (~> 1.4)
      nokogiri (>= 1.4.4)
      uuidtools (~> 2.1)
    daemons (1.1.9)
    eventmachine (1.0.0-x86-mingw32)
    httparty (0.9.0)
      multi_json (~> 1.0)
      multi_xml
    json (1.7.5)
    multi_json (1.3.6)
    multi_xml (0.5.1)
    nokogiri (1.5.5-x86-mingw32)
    rack (1.4.1)
    sinatra (1.1.0)
      rack (~> 1.1)
      tilt (~> 1.1)
    thin (1.5.0)
      daemons (>= 1.0.9)
      eventmachine (>= 0.12.6)
      rack (>= 1.0.0)
    tilt (1.3.3)
    uuidtools (2.1.3)

PLATFORMS
  x86-mingw32

DEPENDENCIES
  aws-sdk
  sinatra (= 1.1.0)
  thin
